GEM
  remote: https://rubygems.org/
  specs:
    addressable (2.7.0)
      public_suffix (>= 2.0.2, < 5.0)
    aws-eventstream (1.1.0)
    aws-sdk (2.11.571)
      aws-sdk-resources (= 2.11.571)
    aws-sdk-core (2.11.571)
      aws-sigv4 (~> 1.0)
      jmespath (~> 1.0)
    aws-sdk-resources (2.11.571)
      aws-sdk-core (= 2.11.571)
    aws-sigv4 (1.2.2)
      aws-eventstream (~> 1, >= 1.0.2)
    colored (1.2)
    configure-s3-website (2.3.0)
      aws-sdk (~> 2)
      deep_merge (~> 1.0.0)
    deep_merge (1.0.1)
    dotenv (1.0.2)
    ethon (0.12.0)
      ffi (>= 1.3.0)
    ffi (1.13.1)
    html-proofer (3.16.0)
      addressable (~> 2.3)
      mercenary (~> 0.3)
      nokogumbo (~> 2.0)
      parallel (~> 1.3)
      rainbow (~> 3.0)
      typhoeus (~> 1.3)
      yell (~> 2.0)
    jmespath (1.4.0)
    mercenary (0.4.0)
    mini_portile2 (2.4.0)
    nokogiri (1.10.10)
      mini_portile2 (~> 2.4.0)
    nokogumbo (2.0.2)
      nokogiri (~> 1.8, >= 1.8.4)
    parallel (1.19.2)
    public_suffix (4.0.6)
    rainbow (3.0.0)
    s3_website (3.4.0)
      colored (= 1.2)
      configure-s3-website (= 2.3.0)
      dotenv (~> 1.0)
      thor (~> 0.18)
    thor (0.20.3)
    typhoeus (1.4.0)
      ethon (>= 0.9.0)
    yell (2.2.2)

PLATFORMS
  ruby

DEPENDENCIES
  html-proofer
  s3_website

BUNDLED WITH
   2.1.4
